GEM
  remote: https://rubygems.org/
  specs:
    activesupport (4.1.0)
      i18n (~> 0.6, >= 0.6.9)
      json (~> 1.7, >= 1.7.7)
      minitest (~> 5.1)
      thread_safe (~> 0.1)
      tzinfo (~> 1.1)
    coderay (1.1.0)
    erubis (2.7.0)
    faraday (0.8.9)
      multipart-post (~> 1.2.0)
    faraday_middleware (0.9.0)
      faraday (>= 0.7.4, < 0.9)
    gli (2.9.0)
    gooddata (0.6.0.pre8)
      activesupport
      bundler
      erubis
      gli
      highline
      json
      json_pure
      parseconfig
      pry
      rest-client
      restforce
      rubyzip
      salesforce_bulk
    hashie (2.0.5)
    highline (1.6.21)
    i18n (0.6.9)
    json (1.8.1)
    json_pure (1.8.1)
    method_source (0.8.2)
    mime-types (2.2)
    minitest (5.3.2)
    multipart-post (1.2.0)
    parseconfig (1.0.4)
    pry (0.9.12.6)
      coderay (~> 1.0)
      method_source (~> 0.8)
      slop (~> 3.4)
    rest-client (1.6.7)
      mime-types (>= 1.16)
    restforce (1.4.3)
      faraday (~> 0.8.4)
      faraday_middleware (>= 0.8.8)
      hashie (>= 1.2.0, < 2.1)
      json (>= 1.7.5, < 1.9.0)
    rubyzip (1.1.3)
    salesforce_bulk (1.0.3)
      xml-simple
    slop (3.5.0)
    thread_safe (0.3.3)
    tzinfo (1.1.0)
      thread_safe (~> 0.1)
    xml-simple (1.1.3)

PLATFORMS
  ruby

DEPENDENCIES
  gooddata (= 0.6.0.pre8)
